GIT
  remote: https://github.com/dkubb/yardstick.git
  revision: b3555964e5a5de7f7cbf30ca067c42a7e37912a4
  specs:
    yardstick (0.9.7)
      yard (~> 0.8, >= 0.8.7.2)

GIT
  remote: https://github.com/mbj/mutant.git
  revision: 10f50209f45da0f9e45d17d356324f46d11f51aa
  specs:
    mutant (0.3.0.rc3)
      abstract_type (~> 0.0.7)
      adamantium (~> 0.1.0)
      anima (~> 0.1.1)
      concord (~> 0.1.4)
      descendants_tracker (~> 0.0.1)
      equalizer (~> 0.0.7)
      ice_nine (~> 0.9)
      inflecto (~> 0.0.2)
      parser (~> 2.0.0)
      rspec (~> 2.14.1)
      unparser (~> 0.1.4)

GIT
  remote: https://github.com/mbj/unparser.git
  revision: 54459257b6bfe50f269c143d2424f7a815c85a11
  specs:
    unparser (0.1.5)
      abstract_type (~> 0.0.7)
      adamantium (~> 0.1.0)
      concord (~> 0.1.4)
      equalizer (~> 0.0.7)
      parser (~> 2.0.0)

GIT
  remote: https://github.com/rom-rb/devtools.git
  revision: 2dc4f3e0ec3e27da18eafe578fa7d54a0ee46752
  specs:
    devtools (0.0.2)

GEM
  remote: https://rubygems.org/
  specs:
    abstract_type (0.0.7)
    adamantium (0.1.0)
      ice_nine (~> 0.9)
      thread_safe (~> 0.1.2)
    anima (0.1.1)
      abstract_type (~> 0.0.6)
      adamantium (~> 0.1.0)
      equalizer (~> 0.0.7)
    ast (1.1.0)
    atomic (1.1.14)
    binding_of_caller (0.7.2)
      debug_inspector (>= 0.0.1)
    bond (0.4.3)
    coderay (1.1.0)
    columnize (0.3.6)
    concord (0.1.4)
      adamantium (~> 0.1)
      equalizer (~> 0.0.7)
    coveralls (0.7.0)
      multi_json (~> 1.3)
      rest-client
      simplecov (>= 0.7)
      term-ansicolor
      thor
    debug_inspector (0.0.2)
    debugger (1.6.2)
      columnize (>= 0.3.1)
      debugger-linecache (~> 1.2.0)
      debugger-ruby_core_source (~> 1.2.3)
    debugger-linecache (1.2.0)
    debugger-ruby_core_source (1.2.3)
    descendants_tracker (0.0.3)
    diff-lcs (1.2.5)
    equalizer (0.0.7)
    ffi (1.9.3)
    ffi-hunspell (0.3.0)
      ffi (~> 1.0)
    flay (2.4.0)
      ruby_parser (~> 3.0)
      sexp_processor (~> 4.0)
    flog (4.2.0)
      ruby_parser (~> 3.1, > 3.1.0)
      sexp_processor (~> 4.4)
    formatador (0.2.4)
    guard (1.8.3)
      formatador (>= 0.2.4)
      listen (~> 1.3)
      lumberjack (>= 1.0.2)
      pry (>= 0.9.10)
      thor (>= 0.14.6)
    guard-bundler (1.0.0)
      bundler (~> 1.0)
      guard (~> 1.1)
    guard-mutant (0.0.1)
      guard (~> 1.8)
      inflecto (~> 0.0.2)
      mutant (~> 0.3.0.beta15)
    guard-rspec (3.0.3)
      guard (>= 1.8)
      rspec (~> 2.13)
    guard-rubocop (0.2.2)
      guard (~> 1.8)
      rubocop (~> 0.10)
    ice_nine (0.10.0)
    inflecto (0.0.2)
    interception (0.3)
    jist (1.5.1)
      json
    json (1.8.1)
    kramdown (1.2.0)
    libnotify (0.8.2)
      ffi (>= 1.0.11)
    listen (1.3.1)
      rb-fsevent (>= 0.9.3)
      rb-inotify (>= 0.9)
      rb-kqueue (>= 0.2)
    lumberjack (1.0.4)
    method_source (0.8.2)
    mime-types (2.0)
    multi_json (1.8.2)
    parser (2.0.0)
      ast (~> 1.1)
      slop (~> 3.4, >= 3.4.5)
    powerpack (0.0.9)
    pry (0.9.12.3)
      coderay (~> 1.0)
      method_source (~> 0.8)
      slop (~> 3.4)
    pry-debugger (0.2.2)
      debugger (~> 1.3)
      pry (~> 0.9.10)
    pry-doc (0.4.6)
      pry (>= 0.9)
      yard (>= 0.8)
    pry-docmore (0.1.1)
      pry
      pry-doc
    pry-plus (1.0.0)
      bond
      jist
      pry-debugger
      pry-doc
      pry-docmore
      pry-rescue
      pry-stack_explorer
    pry-rescue (1.2.0)
      interception (>= 0.3)
      pry
    pry-stack_explorer (0.4.9.1)
      binding_of_caller (>= 0.7)
      pry (>= 0.9.11)
    rainbow (1.1.4)
    rake (10.1.0)
    rb-fchange (0.0.6)
      ffi
    rb-fsevent (0.9.3)
    rb-inotify (0.9.2)
      ffi (>= 0.5.0)
    rb-kqueue (0.2.0)
      ffi (>= 0.5.0)
    rb-notifu (0.0.4)
    rbench (0.2.3)
    reek (1.3.4)
      ruby2ruby (~> 2.0.2)
      ruby_parser (~> 3.2)
      sexp_processor
    rest-client (1.6.7)
      mime-types (>= 1.16)
    rspec (2.14.1)
      rspec-core (~> 2.14.0)
      rspec-expectations (~> 2.14.0)
      rspec-mocks (~> 2.14.0)
    rspec-core (2.14.7)
    rspec-expectations (2.14.4)
      diff-lcs (>= 1.1.3, < 2.0)
    rspec-mocks (2.14.4)
    rubocop (0.14.1)
      parser (~> 2.0)
      powerpack (~> 0.0.6)
      rainbow (>= 1.1.4)
    ruby2ruby (2.0.6)
      ruby_parser (~> 3.1)
      sexp_processor (~> 4.0)
    ruby_parser (3.2.2)
      sexp_processor (~> 4.1)
    sexp_processor (4.4.0)
    simplecov (0.7.1)
      multi_json (~> 1.0)
      simplecov-html (~> 0.7.1)
    simplecov-html (0.7.1)
    slop (3.4.7)
    term-ansicolor (1.2.2)
      tins (~> 0.8)
    terminal-notifier-guard (1.5.3)
    thor (0.18.1)
    thread_safe (0.1.3)
      atomic
    tins (0.13.1)
    yard (0.8.7.3)
    yard-spellcheck (0.1.5)
      ffi-hunspell (~> 0.2)
      yard (~> 0.6)

PLATFORMS
  ruby

DEPENDENCIES
  coveralls (~> 0.7.0)
  devtools!
  flay (~> 2.4.0)
  flog (~> 4.2.0)
  guard (~> 1.8.1)
  guard-bundler (~> 1.0.0)
  guard-mutant (~> 0.0.1)
  guard-rspec (~> 3.0.2)
  guard-rubocop (~> 0.2.0)
  jruby-openssl (~> 0.8.5)
  kramdown (~> 1.2.0)
  libnotify (~> 0.8.0)
  listen (~> 1.3.0)
  mutant (~> 0.3.0.rc3)!
  pry-plus
  rake (~> 10.1.0)
  rb-fchange (~> 0.0.6)
  rb-fsevent (~> 0.9.3)
  rb-inotify (~> 0.9.0)
  rb-notifu (~> 0.0.4)
  rbench (~> 0.2.3)
  reek (~> 1.3.2)
  rspec (~> 2.14.1)
  rubocop (~> 0.14.1)
  simplecov (~> 0.7.1)
  terminal-notifier-guard (~> 1.5.3)
  unparser (~> 0.1.5)!
  yard (~> 0.8.7)
  yard-spellcheck (~> 0.1.5)
  yardstick (~> 0.9.7)!
